GIT
  remote: https://github.com/kamipo/ruby-markdown2impress.git
  revision: daf7b3c9cbb1d3eb5d24eebba6cceb2a1a67f887
  specs:
    markdown2impress (0.0.1)
      eventmachine (~> 1.0)
      nokogiri (~> 1.6)
      pygments.rb (~> 1.0)
      redcarpet (~> 3.2)

GEM
  remote: https://rubygems.org/
  specs:
    eventmachine (1.2.7)
    mini_portile2 (2.4.0)
    multi_json (1.13.1)
    nokogiri (1.10.3)
      mini_portile2 (~> 2.4.0)
    pygments.rb (1.2.1)
      multi_json (>= 1.0.0)
    redcarpet (3.4.0)

PLATFORMS
  ruby

DEPENDENCIES
  markdown2impress!

BUNDLED WITH
   1.17.2
